GEM
  remote: https://rubygems.org/
  specs:
    asciidoctor (2.0.20)
    asciidoctor-diagram (2.2.14)
      asciidoctor (>= 1.5.7, < 3.x)
      asciidoctor-diagram-ditaamini (~> 1.0)
      asciidoctor-diagram-plantuml (~> 1.2021)
      rexml
    asciidoctor-diagram-ditaamini (1.0.3)
    asciidoctor-diagram-plantuml (1.2023.10)
    asciidoctor-html5s (0.5.1)
      asciidoctor (>= 1.5.7, < 3.0)
      thread_safe (~> 0.3.4)
    asciidoctor-revealjs (5.0.1)
      asciidoctor (>= 2.0.0, < 3.0.0)
    coderay (1.1.3)
    pygments.rb (2.4.0)
    rexml (3.2.6)
    rouge (4.2.0)
    thread_safe (0.3.6)

PLATFORMS
  ruby

DEPENDENCIES
  asciidoctor
  asciidoctor-diagram
  asciidoctor-html5s
  asciidoctor-revealjs
  coderay
  pygments.rb
  rouge

BUNDLED WITH
   2.3.26
