GEM
  remote: https://rubygems.org/
  specs:
    asciidoctor (2.0.20)
    asciidoctor-diagram (2.2.14)
      asciidoctor (>= 1.5.7, < 3.x)
      asciidoctor-diagram-ditaamini (~> 1.0)
      asciidoctor-diagram-plantuml (~> 1.2021)
      rexml
    asciidoctor-diagram-ditaamini (1.0.3)
    asciidoctor-diagram-plantuml (1.2023.12)
    asciidoctor-html5s (0.5.1)
      asciidoctor (>= 1.5.7, < 3.0)
      thread_safe (~> 0.3.4)
    asciidoctor-revealjs (5.1.0)
      asciidoctor (>= 2.0.0, < 3.0.0)
    asciidoctor-server (0.4.0)
      asciidoctor (~> 2.0)
      grpc (~> 1.0)
      logging (~> 1.0)
      optparse (~> 0.3.1)
    coderay (1.1.3)
    google-protobuf (3.25.1-arm64-darwin)
    googleapis-common-protos-types (1.11.0)
      google-protobuf (~> 3.18)
    grpc (1.60.0-arm64-darwin)
      google-protobuf (~> 3.25)
      googleapis-common-protos-types (~> 1.0)
    little-plugger (1.1.4)
    logging (1.8.2)
      little-plugger (>= 1.1.3)
      multi_json (>= 1.8.4)
    multi_json (1.15.0)
    optparse (0.3.1)
    pygments.rb (2.4.1)
    rexml (3.2.6)
    rouge (4.2.0)
    thread_safe (0.3.6)

PLATFORMS
  arm64-darwin
  x86_64-darwin
  arm64-linux
  x86_64-linux

DEPENDENCIES
  asciidoctor
  asciidoctor-diagram
  asciidoctor-html5s
  asciidoctor-revealjs
  asciidoctor-server (~> 0.4.0)
  coderay
  pygments.rb
  rouge

BUNDLED WITH
   2.3.26
