GEM
  remote: https://rubygems.org/
  specs:
    asciidoctor (2.0.15)
    asciidoctor-html5s (0.5.0)
      asciidoctor (>= 1.5.7, < 3.0)
      thread_safe (~> 0.3.4)
    kramdown (1.17.0)
    kramdown-asciidoc (1.0.1)
      kramdown (~> 1.17.0)
    thread_safe (0.3.6)

PLATFORMS
  arm64-darwin-20
  x64-mingw32
  x86_64-linux

DEPENDENCIES
  asciidoctor
  asciidoctor-html5s
  kramdown-asciidoc

BUNDLED WITH
   2.2.25
