GEM
  remote: https://rubygems.org/
  specs:
    asciidoctor (2.0.18)
    asciidoctor-html5s (0.5.1)
      asciidoctor (>= 1.5.7, < 3.0)
      thread_safe (~> 0.3.4)
    kramdown (2.4.0)
      rexml
    kramdown-asciidoc (2.1.0)
      kramdown (~> 2.4.0)
      kramdown-parser-gfm (~> 1.1.0)
      rexml (~> 3.2.0)
    kramdown-parser-gfm (1.1.0)
      kramdown (~> 2.0)
    rexml (3.2.5)
    thread_safe (0.3.6)

PLATFORMS
  arm64-darwin-22

DEPENDENCIES
  asciidoctor
  asciidoctor-html5s
  kramdown-asciidoc

BUNDLED WITH
   2.4.3
