GIT
  remote: https://github.com/hybras/asciidoctor-extensions-lab.git
  revision: 4c5755f5ddf1d12cdf7f37b6857ac9fb1af44f1e
  branch: main
  specs:
    asciidoctor-extensions-lab (0.1.0)
      asciidoctor (~> 2.0)

GEM
  remote: https://rubygems.org/
  specs:
    asciidoctor (2.0.23)
    asciidoctor-diagram (3.0.0)
      asciidoctor (>= 1.5.7, < 3.x)
      rexml
    asciidoctor-html5s (0.5.1)
      asciidoctor (>= 1.5.7, < 3.0)
      thread_safe (~> 0.3.4)
    asciidoctor-revealjs (5.2.0)
      asciidoctor (>= 2.0.0, < 3.0.0)
    asciidoctor-server (0.4.3)
      asciidoctor (~> 2.0)
      grpc (~> 1.0)
      logging (~> 1.0)
      optparse (~> 0.3.1)
    bigdecimal (3.1.9)
    coderay (1.1.3)
    google-protobuf (4.30.2)
      bigdecimal
      rake (>= 13)
    google-protobuf (4.30.2-arm64-darwin)
      bigdecimal
      rake (>= 13)
    google-protobuf (4.30.2-x86_64-linux)
      bigdecimal
      rake (>= 13)
    googleapis-common-protos-types (1.20.0)
      google-protobuf (>= 3.18, < 5.a)
    grpc (1.72.0)
      google-protobuf (>= 3.25, < 5.0)
      googleapis-common-protos-types (~> 1.0)
    grpc (1.72.0-arm64-darwin)
      google-protobuf (>= 3.25, < 5.0)
      googleapis-common-protos-types (~> 1.0)
    grpc (1.72.0-x86_64-linux)
      google-protobuf (>= 3.25, < 5.0)
      googleapis-common-protos-types (~> 1.0)
    little-plugger (1.1.4)
    logging (1.8.2)
      little-plugger (>= 1.1.3)
      multi_json (>= 1.8.4)
    multi_json (1.15.0)
    optparse (0.3.1)
    pygments.rb (3.0.0)
    rake (13.2.1)
    rexml (3.4.1)
    rouge (4.5.2)
    thread_safe (0.3.6)

PLATFORMS
  arm64-darwin
  arm64-linux
  x86-darwin
  x86_64-linux

DEPENDENCIES
  asciidoctor
  asciidoctor-diagram
  asciidoctor-extensions-lab (~> 0.1.0)!
  asciidoctor-html5s
  asciidoctor-revealjs
  asciidoctor-server (~> 0.4.0)
  coderay
  pygments.rb
  rouge

BUNDLED WITH
   2.6.9
