GEM
  remote: https://rubygems.org/
  specs:
    asciidoctor (2.0.20)
    asciidoctor-diagram (2.2.11)
      asciidoctor (>= 1.5.7, < 3.x)
      asciidoctor-diagram-ditaamini (~> 1.0)
      asciidoctor-diagram-plantuml (~> 1.2021)
      rexml
    asciidoctor-diagram-ditaamini (1.0.3)
    asciidoctor-diagram-plantuml (1.2023.10)
    asciidoctor-html5s (0.5.1)
      asciidoctor (>= 1.5.7, < 3.0)
      thread_safe (~> 0.3.4)
    coderay (1.1.3)
    rexml (3.2.6)
    rouge (4.1.3)
    thread_safe (0.3.6)

PLATFORMS
  arm64-darwin-22

DEPENDENCIES
  asciidoctor
  asciidoctor-diagram
  asciidoctor-html5s
  coderay
  rouge

BUNDLED WITH
   2.4.3
